GEM
  remote: https://rubygems.org/
  specs:
    dotenv (2.7.6)
    httparty (0.18.1)
      mime-types (~> 3.0)
      multi_xml (>= 0.5.2)
    mime-types (3.3.1)
      mime-types-data (~> 3.2015)
    mime-types-data (3.2020.1104)
    multi_xml (0.6.0)
    rake (13.0.3)

PLATFORMS
  universal-darwin-20
  x86_64-darwin-19
  x86_64-linux

DEPENDENCIES
  dotenv
  httparty
  rake

RUBY VERSION
   ruby 3.0.0p0

BUNDLED WITH
   2.2.6
